STORAGE: NONE
RESTRICTION: || (== net7.0) (== netcoreapp2.1) (== netcoreapp3.1) (== xamarinmac)
NUGET
  remote: https://www.nuget.org/api/v2
    Argu (6.1.1) - restriction: || (== net7.0) (&& (== netcoreapp2.1) (>= net7.0)) (&& (== netcoreapp3.1) (>= net7.0)) (&& (== xamarinmac) (>= net7.0))
      FSharp.Core (>= 4.3.2)
      System.Configuration.ConfigurationManager (>= 4.4)
    AtkSharp (3.24.24.38)
      GLibSharp (>= 3.24.24.38)
    BlackFox.VsWhere (1.1) - restriction: || (== net7.0) (&& (== netcoreapp2.1) (>= net7.0)) (&& (== netcoreapp3.1) (>= net7.0)) (&& (== xamarinmac) (>= net7.0))
      FSharp.Core (>= 4.2.3)
      Microsoft.Win32.Registry (>= 4.7)
    CairoSharp (3.24.24.38)
    Cyotek.Drawing.BitmapFont (2.0.4)
    Dap.Build (0.9)
      Fake.Core.Process (>= 5.23.1) - restriction: || (== net7.0) (&& (== netcoreapp2.1) (>= net7.0)) (&& (== netcoreapp3.1) (>= net7.0)) (&& (== xamarinmac) (>= net7.0))
      Fake.Core.ReleaseNotes (>= 5.23.1) - restriction: || (== net7.0) (&& (== netcoreapp2.1) (>= net7.0)) (&& (== netcoreapp3.1) (>= net7.0)) (&& (== xamarinmac) (>= net7.0))
      Fake.Core.String (>= 5.23.1) - restriction: || (== net7.0) (&& (== netcoreapp2.1) (>= net7.0)) (&& (== netcoreapp3.1) (>= net7.0)) (&& (== xamarinmac) (>= net7.0))
      Fake.Core.Target (>= 5.23.1) - restriction: || (== net7.0) (&& (== netcoreapp2.1) (>= net7.0)) (&& (== netcoreapp3.1) (>= net7.0)) (&& (== xamarinmac) (>= net7.0))
      Fake.DotNet.Cli (>= 5.23.1) - restriction: || (== net7.0) (&& (== netcoreapp2.1) (>= net7.0)) (&& (== netcoreapp3.1) (>= net7.0)) (&& (== xamarinmac) (>= net7.0))
      Fake.DotNet.NuGet (>= 5.23.1) - restriction: || (== net7.0) (&& (== netcoreapp2.1) (>= net7.0)) (&& (== netcoreapp3.1) (>= net7.0)) (&& (== xamarinmac) (>= net7.0))
      Fake.IO.FileSystem (>= 5.23.1) - restriction: || (== net7.0) (&& (== netcoreapp2.1) (>= net7.0)) (&& (== netcoreapp3.1) (>= net7.0)) (&& (== xamarinmac) (>= net7.0))
      Fake.IO.Zip (>= 5.23.1) - restriction: || (== net7.0) (&& (== netcoreapp2.1) (>= net7.0)) (&& (== netcoreapp3.1) (>= net7.0)) (&& (== xamarinmac) (>= net7.0))
      Fake.JavaScript.Yarn (>= 5.23.1) - restriction: || (== net7.0) (&& (== netcoreapp2.1) (>= net7.0)) (&& (== netcoreapp3.1) (>= net7.0)) (&& (== xamarinmac) (>= net7.0))
      Fake.Net.Http (>= 5.23.1) - restriction: || (== net7.0) (&& (== netcoreapp2.1) (>= net7.0)) (&& (== netcoreapp3.1) (>= net7.0)) (&& (== xamarinmac) (>= net7.0))
      Fake.Tools.Git (>= 5.23.1) - restriction: || (== net7.0) (&& (== netcoreapp2.1) (>= net7.0)) (&& (== netcoreapp3.1) (>= net7.0)) (&& (== xamarinmac) (>= net7.0))
      FSharp.Core (>= 7.0) - restriction: || (== net7.0) (&& (== netcoreapp2.1) (>= net7.0)) (&& (== netcoreapp3.1) (>= net7.0)) (&& (== xamarinmac) (>= net7.0))
    Dap.Context (0.11)
      Dap.Prelude (>= 0.11) - restriction: || (== net7.0) (&& (== netcoreapp2.1) (>= net7.0)) (&& (== netcoreapp3.1) (>= net7.0)) (&& (== xamarinmac) (>= net7.0))
      Thoth.Json.Net (>= 9.0) - restriction: || (== net7.0) (&& (== netcoreapp2.1) (>= net7.0)) (&& (== netcoreapp3.1) (>= net7.0)) (&& (== xamarinmac) (>= net7.0))
    Dap.Local (0.11)
      Argu (>= 6.1.1) - restriction: || (== net7.0) (&& (== netcoreapp2.1) (>= net7.0)) (&& (== netcoreapp3.1) (>= net7.0)) (&& (== xamarinmac) (>= net7.0))
      Dap.Platform (>= 0.11) - restriction: || (== net7.0) (&& (== netcoreapp2.1) (>= net7.0)) (&& (== netcoreapp3.1) (>= net7.0)) (&& (== xamarinmac) (>= net7.0))
    Dap.Platform (0.11)
      Dap.Context (>= 0.11) - restriction: || (== net7.0) (&& (== netcoreapp2.1) (>= net7.0)) (&& (== netcoreapp3.1) (>= net7.0)) (&& (== xamarinmac) (>= net7.0))
      Dap.Platform.Cli (>= 0.11) - restriction: || (== net7.0) (&& (== netcoreapp2.1) (>= net7.0)) (&& (== netcoreapp3.1) (>= net7.0)) (&& (== xamarinmac) (>= net7.0))
      Elmish (>= 3.1) - restriction: || (== net7.0) (&& (== netcoreapp2.1) (>= net7.0)) (&& (== netcoreapp3.1) (>= net7.0)) (&& (== xamarinmac) (>= net7.0))
      NodaTime (>= 3.1.5) - restriction: || (== net7.0) (&& (== netcoreapp2.1) (>= net7.0)) (&& (== netcoreapp3.1) (>= net7.0)) (&& (== xamarinmac) (>= net7.0))
    Dap.Platform.Cli (0.11) - restriction: || (== net7.0) (&& (== netcoreapp2.1) (>= net7.0)) (&& (== netcoreapp3.1) (>= net7.0)) (&& (== xamarinmac) (>= net7.0))
    Dap.Prelude (0.11)
      FSharp.Core (>= 7.0) - restriction: || (== net7.0) (&& (== netcoreapp2.1) (>= net7.0)) (&& (== netcoreapp3.1) (>= net7.0)) (&& (== xamarinmac) (>= net7.0))
      Serilog (>= 2.12) - restriction: || (== net7.0) (&& (== netcoreapp2.1) (>= net7.0)) (&& (== netcoreapp3.1) (>= net7.0)) (&& (== xamarinmac) (>= net7.0))
      Serilog.Enrichers.Thread (>= 3.1) - restriction: || (== net7.0) (&& (== netcoreapp2.1) (>= net7.0)) (&& (== netcoreapp3.1) (>= net7.0)) (&& (== xamarinmac) (>= net7.0))
      Serilog.Formatting.Compact (>= 1.1) - restriction: || (== net7.0) (&& (== netcoreapp2.1) (>= net7.0)) (&& (== netcoreapp3.1) (>= net7.0)) (&& (== xamarinmac) (>= net7.0))
      Serilog.Sinks.Console (>= 4.1) - restriction: || (== net7.0) (&& (== netcoreapp2.1) (>= net7.0)) (&& (== netcoreapp3.1) (>= net7.0)) (&& (== xamarinmac) (>= net7.0))
      Serilog.Sinks.File (>= 5.0) - restriction: || (== net7.0) (&& (== netcoreapp2.1) (>= net7.0)) (&& (== netcoreapp3.1) (>= net7.0)) (&& (== xamarinmac) (>= net7.0))
      Serilog.Sinks.Seq (>= 5.2.2) - restriction: || (== net7.0) (&& (== netcoreapp2.1) (>= net7.0)) (&& (== netcoreapp3.1) (>= net7.0)) (&& (== xamarinmac) (>= net7.0))
    dotnet-sourcelink (2.8.3) - clitool: true
      Microsoft.Extensions.CommandLineUtils (>= 1.1.1) - restriction: || (== net7.0) (== netcoreapp2.1) (== netcoreapp3.1) (&& (== xamarinmac) (>= netcoreapp1.0))
      Microsoft.NETCore.App (>= 2.0) - restriction: || (== net7.0) (== netcoreapp2.1) (== netcoreapp3.1) (&& (== xamarinmac) (>= netcoreapp2.0))
      Newtonsoft.Json (>= 10.0.3) - restriction: || (== net7.0) (== netcoreapp2.1) (== netcoreapp3.1) (&& (== xamarinmac) (>= netcoreapp1.0))
      NuGet.Packaging (>= 4.4) - restriction: || (== net7.0) (== netcoreapp2.1) (== netcoreapp3.1) (&& (== xamarinmac) (>= netcoreapp1.0))
      System.Reflection.Metadata (>= 1.5) - restriction: || (== net7.0) (== netcoreapp2.1) (== netcoreapp3.1) (&& (== xamarinmac) (>= netcoreapp1.0))
      System.ValueTuple (>= 4.4) - restriction: || (== net7.0) (== netcoreapp2.1) (== netcoreapp3.1) (&& (== xamarinmac) (>= netcoreapp1.0))
    Elmish (3.1) - restriction: || (== net7.0) (&& (== netcoreapp2.1) (>= net7.0)) (&& (== netcoreapp3.1) (>= net7.0)) (&& (== xamarinmac) (>= net7.0))
      FSharp.Core (>= 4.6.2)
    Fable.Core (3.7.1) - restriction: || (== net7.0) (&& (== netcoreapp2.1) (>= net7.0)) (&& (== netcoreapp3.1) (>= net7.0)) (&& (== xamarinmac) (>= net7.0))
    Facebook.Yoga (1.5.0-pre1)
    Fake.Core.CommandLineParsing (5.23.1) - restriction: || (== net7.0) (&& (== netcoreapp2.1) (>= net7.0)) (&& (== netcoreapp3.1) (>= net7.0)) (&& (== xamarinmac) (>= net7.0))
      FParsec (>= 1.1.1)
      FSharp.Core (>= 6.0)
    Fake.Core.Context (5.23.1) - restriction: || (== net7.0) (&& (== netcoreapp2.1) (>= net7.0)) (&& (== netcoreapp3.1) (>= net7.0)) (&& (== xamarinmac) (>= net7.0))
      FSharp.Core (>= 6.0)
    Fake.Core.Environment (5.23.1) - restriction: || (== net7.0) (&& (== netcoreapp2.1) (>= net7.0)) (&& (== netcoreapp3.1) (>= net7.0)) (&& (== xamarinmac) (>= net7.0))
      FSharp.Core (>= 6.0)
    Fake.Core.FakeVar (5.23.1) - restriction: || (== net7.0) (&& (== netcoreapp2.1) (>= net7.0)) (&& (== netcoreapp3.1) (>= net7.0)) (&& (== xamarinmac) (>= net7.0))
      Fake.Core.Context (>= 5.23.1)
      FSharp.Core (>= 6.0)
    Fake.Core.Process (5.23.1) - restriction: || (== net7.0) (&& (== netcoreapp2.1) (>= net7.0)) (&& (== netcoreapp3.1) (>= net7.0)) (&& (== xamarinmac) (>= net7.0))
      Fake.Core.Environment (>= 5.23.1)
      Fake.Core.FakeVar (>= 5.23.1)
      Fake.Core.String (>= 5.23.1)
      Fake.Core.Trace (>= 5.23.1)
      Fake.IO.FileSystem (>= 5.23.1)
      FSharp.Core (>= 6.0)
      System.Collections.Immutable (>= 5.0)
    Fake.Core.ReleaseNotes (5.23.1) - restriction: || (== net7.0) (&& (== netcoreapp2.1) (>= net7.0)) (&& (== netcoreapp3.1) (>= net7.0)) (&& (== xamarinmac) (>= net7.0))
      Fake.Core.SemVer (>= 5.23.1)
      Fake.Core.String (>= 5.23.1)
      FSharp.Core (>= 6.0)
    Fake.Core.SemVer (5.23.1) - restriction: || (== net7.0) (&& (== netcoreapp2.1) (>= net7.0)) (&& (== netcoreapp3.1) (>= net7.0)) (&& (== xamarinmac) (>= net7.0))
      FSharp.Core (>= 6.0)
    Fake.Core.String (5.23.1) - restriction: || (== net7.0) (&& (== netcoreapp2.1) (>= net7.0)) (&& (== netcoreapp3.1) (>= net7.0)) (&& (== xamarinmac) (>= net7.0))
      FSharp.Core (>= 6.0)
    Fake.Core.Target (5.23.1) - restriction: || (== net7.0) (&& (== netcoreapp2.1) (>= net7.0)) (&& (== netcoreapp3.1) (>= net7.0)) (&& (== xamarinmac) (>= net7.0))
      Fake.Core.CommandLineParsing (>= 5.23.1)
      Fake.Core.Context (>= 5.23.1)
      Fake.Core.Environment (>= 5.23.1)
      Fake.Core.FakeVar (>= 5.23.1)
      Fake.Core.Process (>= 5.23.1)
      Fake.Core.String (>= 5.23.1)
      Fake.Core.Trace (>= 5.23.1)
      FSharp.Control.Reactive (>= 5.0.2)
      FSharp.Core (>= 6.0)
    Fake.Core.Tasks (5.23.1) - restriction: || (== net7.0) (&& (== netcoreapp2.1) (>= net7.0)) (&& (== netcoreapp3.1) (>= net7.0)) (&& (== xamarinmac) (>= net7.0))
      Fake.Core.Trace (>= 5.23.1)
      FSharp.Core (>= 6.0)
    Fake.Core.Trace (5.23.1) - restriction: || (== net7.0) (&& (== netcoreapp2.1) (>= net7.0)) (&& (== netcoreapp3.1) (>= net7.0)) (&& (== xamarinmac) (>= net7.0))
      Fake.Core.Environment (>= 5.23.1)
      Fake.Core.FakeVar (>= 5.23.1)
      FSharp.Core (>= 6.0)
    Fake.Core.Xml (5.23.1) - restriction: || (== net7.0) (&& (== netcoreapp2.1) (>= net7.0)) (&& (== netcoreapp3.1) (>= net7.0)) (&& (== xamarinmac) (>= net7.0))
      Fake.Core.String (>= 5.23.1)
      FSharp.Core (>= 6.0)
    Fake.DotNet.Cli (5.23.1) - restriction: || (== net7.0) (&& (== netcoreapp2.1) (>= net7.0)) (&& (== netcoreapp3.1) (>= net7.0)) (&& (== xamarinmac) (>= net7.0))
      Fake.Core.Environment (>= 5.23.1)
      Fake.Core.Process (>= 5.23.1)
      Fake.Core.String (>= 5.23.1)
      Fake.Core.Trace (>= 5.23.1)
      Fake.DotNet.MSBuild (>= 5.23.1)
      Fake.DotNet.NuGet (>= 5.23.1)
      Fake.IO.FileSystem (>= 5.23.1)
      FSharp.Core (>= 6.0)
      Mono.Posix.NETStandard (>= 1.0)
      Newtonsoft.Json (>= 13.0.1)
    Fake.DotNet.MSBuild (5.23.1) - restriction: || (== net7.0) (&& (== netcoreapp2.1) (>= net7.0)) (&& (== netcoreapp3.1) (>= net7.0)) (&& (== xamarinmac) (>= net7.0))
      BlackFox.VsWhere (>= 1.1)
      Fake.Core.Environment (>= 5.23.1)
      Fake.Core.Process (>= 5.23.1)
      Fake.Core.String (>= 5.23.1)
      Fake.Core.Trace (>= 5.23.1)
      Fake.IO.FileSystem (>= 5.23.1)
      FSharp.Core (>= 6.0)
      MSBuild.StructuredLogger (>= 2.1.545)
    Fake.DotNet.NuGet (5.23.1) - restriction: || (== net7.0) (&& (== netcoreapp2.1) (>= net7.0)) (&& (== netcoreapp3.1) (>= net7.0)) (&& (== xamarinmac) (>= net7.0))
      Fake.Core.Environment (>= 5.23.1)
      Fake.Core.Process (>= 5.23.1)
      Fake.Core.SemVer (>= 5.23.1)
      Fake.Core.String (>= 5.23.1)
      Fake.Core.Tasks (>= 5.23.1)
      Fake.Core.Trace (>= 5.23.1)
      Fake.Core.Xml (>= 5.23.1)
      Fake.IO.FileSystem (>= 5.23.1)
      Fake.Net.Http (>= 5.23.1)
      FSharp.Core (>= 6.0)
      Newtonsoft.Json (>= 13.0.1)
      NuGet.Protocol (>= 5.11)
    Fake.IO.FileSystem (5.23.1) - restriction: || (== net7.0) (&& (== netcoreapp2.1) (>= net7.0)) (&& (== netcoreapp3.1) (>= net7.0)) (&& (== xamarinmac) (>= net7.0))
      Fake.Core.String (>= 5.23.1)
      FSharp.Core (>= 6.0)
    Fake.IO.Zip (5.23.1) - restriction: || (== net7.0) (&& (== netcoreapp2.1) (>= net7.0)) (&& (== netcoreapp3.1) (>= net7.0)) (&& (== xamarinmac) (>= net7.0))
      Fake.Core.String (>= 5.23.1)
      Fake.IO.FileSystem (>= 5.23.1)
      FSharp.Core (>= 6.0)
    Fake.JavaScript.Yarn (5.23.1) - restriction: || (== net7.0) (&& (== netcoreapp2.1) (>= net7.0)) (&& (== netcoreapp3.1) (>= net7.0)) (&& (== xamarinmac) (>= net7.0))
      Fake.Core.Environment (>= 5.23.1)
      Fake.Core.Process (>= 5.23.1)
      FSharp.Core (>= 6.0)
    Fake.Net.Http (5.23.1) - restriction: || (== net7.0) (&& (== netcoreapp2.1) (>= net7.0)) (&& (== netcoreapp3.1) (>= net7.0)) (&& (== xamarinmac) (>= net7.0))
      Fake.Core.Trace (>= 5.23.1)
      FSharp.Core (>= 6.0)
    Fake.Tools.Git (5.23.1) - restriction: || (== net7.0) (&& (== netcoreapp2.1) (>= net7.0)) (&& (== netcoreapp3.1) (>= net7.0)) (&& (== xamarinmac) (>= net7.0))
      Fake.Core.Environment (>= 5.23.1)
      Fake.Core.Process (>= 5.23.1)
      Fake.Core.SemVer (>= 5.23.1)
      Fake.Core.String (>= 5.23.1)
      Fake.Core.Trace (>= 5.23.1)
      Fake.IO.FileSystem (>= 5.23.1)
      FSharp.Core (>= 6.0)
    FontStashSharp.Base (1.1.8)
    FontStashSharp.MonoGame (1.2.8)
      Cyotek.Drawing.BitmapFont (>= 2.0.4)
      FontStashSharp.Base (>= 1.1.8)
      FontStashSharp.Rasterizers.StbTrueTypeSharp (>= 1.1.8)
      StbImageSharp (>= 2.27.13)
    FontStashSharp.Rasterizers.StbTrueTypeSharp (1.1.8)
      FontStashSharp.Base (>= 1.1.8)
      StbTrueTypeSharp (>= 1.26.11)
    FParsec (1.1.1) - restriction: || (== net7.0) (&& (== netcoreapp2.1) (>= net7.0)) (&& (== netcoreapp3.1) (>= net7.0)) (&& (== xamarinmac) (>= net7.0))
      FSharp.Core (>= 4.3.4)
    FSharp.Control.Reactive (5.0.5) - restriction: || (== net7.0) (&& (== netcoreapp2.1) (>= net7.0)) (&& (== netcoreapp3.1) (>= net7.0)) (&& (== xamarinmac) (>= net7.0))
      FSharp.Core (>= 4.7.2)
      System.Reactive (>= 5.0 < 6.0)
    FSharp.Core (7.0)
    FSharp.Data (5.0.2)
      FSharp.Core (>= 5.0.1)
    GdkSharp (3.24.24.38)
      CairoSharp (>= 3.24.24.38)
      GioSharp (>= 3.24.24.38)
      GLibSharp (>= 3.24.24.38)
      PangoSharp (>= 3.24.24.38)
    GioSharp (3.24.24.38)
      GLibSharp (>= 3.24.24.38)
    GLibSharp (3.24.24.38)
    GtkSharp (3.24.24.38)
      AtkSharp (>= 3.24.24.38)
      CairoSharp (>= 3.24.24.38)
      GdkSharp (>= 3.24.24.38)
      GioSharp (>= 3.24.24.38)
      GLibSharp (>= 3.24.24.38)
      PangoSharp (>= 3.24.24.38)
    info.lundin.math.dll (1.2.7)
    Microsoft.Build (17.4) - restriction: || (== net7.0) (&& (== netcoreapp2.1) (>= net7.0)) (&& (== netcoreapp3.1) (>= net7.0)) (&& (== xamarinmac) (>= net7.0))
      Microsoft.Build.Framework (>= 17.4) - restriction: || (== net7.0) (&& (== netcoreapp2.1) (>= net472)) (&& (== netcoreapp2.1) (>= net7.0)) (&& (== netcoreapp3.1) (>= net472)) (&& (== netcoreapp3.1) (>= net7.0)) (&& (== xamarinmac) (>= net472)) (&& (== xamarinmac) (>= net7.0))
      Microsoft.NET.StringTools (>= 17.4) - restriction: || (== net7.0) (&& (== netcoreapp2.1) (>= net472)) (&& (== netcoreapp2.1) (>= net7.0)) (&& (== netcoreapp3.1) (>= net472)) (&& (== netcoreapp3.1) (>= net7.0)) (&& (== xamarinmac) (>= net472)) (&& (== xamarinmac) (>= net7.0))
      System.Collections.Immutable (>= 6.0) - restriction: || (== net7.0) (&& (== netcoreapp2.1) (>= net472)) (&& (== netcoreapp2.1) (>= net7.0)) (&& (== netcoreapp3.1) (>= net472)) (&& (== netcoreapp3.1) (>= net7.0)) (&& (== xamarinmac) (>= net472)) (&& (== xamarinmac) (>= net7.0))
      System.Configuration.ConfigurationManager (>= 6.0) - restriction: || (== net7.0) (&& (== netcoreapp2.1) (>= net472)) (&& (== netcoreapp2.1) (>= net7.0)) (&& (== netcoreapp3.1) (>= net472)) (&& (== netcoreapp3.1) (>= net7.0)) (&& (== xamarinmac) (>= net472)) (&& (== xamarinmac) (>= net7.0))
      System.Reflection.Metadata (>= 6.0) - restriction: || (== net7.0) (&& (== netcoreapp2.1) (>= net7.0)) (&& (== netcoreapp3.1) (>= net7.0)) (&& (== xamarinmac) (>= net7.0))
      System.Reflection.MetadataLoadContext (>= 6.0) - restriction: || (== net7.0) (&& (== netcoreapp2.1) (>= net472)) (&& (== netcoreapp2.1) (>= net7.0)) (&& (== netcoreapp3.1) (>= net472)) (&& (== netcoreapp3.1) (>= net7.0)) (&& (== xamarinmac) (>= net472)) (&& (== xamarinmac) (>= net7.0))
      System.Security.Principal.Windows (>= 5.0) - restriction: || (== net7.0) (&& (== netcoreapp2.1) (>= net7.0)) (&& (== netcoreapp3.1) (>= net7.0)) (&& (== xamarinmac) (>= net7.0))
      System.Text.Encoding.CodePages (>= 6.0) - restriction: || (== net7.0) (&& (== netcoreapp2.1) (>= net7.0)) (&& (== netcoreapp3.1) (>= net7.0)) (&& (== xamarinmac) (>= net7.0))
      System.Text.Json (>= 6.0) - restriction: || (== net7.0) (&& (== netcoreapp2.1) (>= net472)) (&& (== netcoreapp2.1) (>= net7.0)) (&& (== netcoreapp3.1) (>= net472)) (&& (== netcoreapp3.1) (>= net7.0)) (&& (== xamarinmac) (>= net472)) (&& (== xamarinmac) (>= net7.0))
      System.Threading.Tasks.Dataflow (>= 6.0) - restriction: || (== net7.0) (&& (== netcoreapp2.1) (>= net472)) (&& (== netcoreapp2.1) (>= net7.0)) (&& (== netcoreapp3.1) (>= net472)) (&& (== netcoreapp3.1) (>= net7.0)) (&& (== xamarinmac) (>= net472)) (&& (== xamarinmac) (>= net7.0))
    Microsoft.Build.Framework (17.4) - restriction: || (== net7.0) (&& (== netcoreapp2.1) (>= net7.0)) (&& (== netcoreapp3.1) (>= net7.0)) (&& (== xamarinmac) (>= net7.0))
      System.Security.Permissions (>= 6.0)
    Microsoft.Build.Tasks.Core (17.4) - restriction: || (== net7.0) (&& (== netcoreapp2.1) (>= net7.0)) (&& (== netcoreapp3.1) (>= net7.0)) (&& (== xamarinmac) (>= net7.0))
      Microsoft.Build.Framework (>= 17.4)
      Microsoft.Build.Utilities.Core (>= 17.4)
      Microsoft.NET.StringTools (>= 17.4)
      System.CodeDom (>= 6.0)
      System.Collections.Immutable (>= 6.0)
      System.Reflection.Metadata (>= 6.0)
      System.Resources.Extensions (>= 6.0)
      System.Security.Cryptography.Pkcs (>= 6.0.1)
      System.Security.Cryptography.Xml (>= 6.0)
      System.Security.Permissions (>= 6.0)
      System.Threading.Tasks.Dataflow (>= 6.0)
    Microsoft.Build.Tasks.Git (1.1.1)
    Microsoft.Build.Utilities.Core (17.4) - restriction: || (== net7.0) (&& (== netcoreapp2.1) (>= net7.0)) (&& (== netcoreapp3.1) (>= net7.0)) (&& (== xamarinmac) (>= net7.0))
      Microsoft.Build.Framework (>= 17.4)
      Microsoft.NET.StringTools (>= 17.4)
      System.Collections.Immutable (>= 6.0)
      System.Configuration.ConfigurationManager (>= 6.0)
    Microsoft.Extensions.CommandLineUtils (1.1.1) - restriction: || (== net7.0) (== netcoreapp2.1) (== netcoreapp3.1) (&& (== xamarinmac) (>= netcoreapp1.0))
      NETStandard.Library (>= 1.6.1)
    Microsoft.NET.StringTools (17.4) - restriction: || (== net7.0) (&& (== netcoreapp2.1) (>= net7.0)) (&& (== netcoreapp3.1) (>= net7.0)) (&& (== xamarinmac) (>= net7.0))
      System.Memory (>= 4.5.5)
      System.Runtime.CompilerServices.Unsafe (>= 6.0)
    Microsoft.NETCore.App (2.2.8) - restriction: || (== net7.0) (== netcoreapp2.1) (== netcoreapp3.1) (&& (== xamarinmac) (>= netcoreapp2.0))
      Microsoft.NETCore.DotNetHostPolicy (>= 2.2.8) - restriction: || (== net7.0) (&& (== netcoreapp2.1) (>= netcoreapp2.2)) (== netcoreapp3.1) (&& (== xamarinmac) (>= netcoreapp2.2))
      Microsoft.NETCore.Platforms (>= 2.2.4) - restriction: || (== net7.0) (&& (== netcoreapp2.1) (>= netcoreapp2.2)) (== netcoreapp3.1) (&& (== xamarinmac) (>= netcoreapp2.2))
      Microsoft.NETCore.Targets (>= 2.0) - restriction: || (== net7.0) (&& (== netcoreapp2.1) (>= netcoreapp2.2)) (== netcoreapp3.1) (&& (== xamarinmac) (>= netcoreapp2.2))
      NETStandard.Library (>= 2.0.3) - restriction: || (== net7.0) (&& (== netcoreapp2.1) (>= netcoreapp2.2)) (== netcoreapp3.1) (&& (== xamarinmac) (>= netcoreapp2.2))
    Microsoft.NETCore.DotNetAppHost (7.0) - restriction: || (== net7.0) (&& (== netcoreapp2.1) (>= netcoreapp2.2)) (== netcoreapp3.1) (&& (== xamarinmac) (>= netcoreapp2.2))
    Microsoft.NETCore.DotNetHostPolicy (7.0) - restriction: || (== net7.0) (&& (== netcoreapp2.1) (>= netcoreapp2.2)) (== netcoreapp3.1) (&& (== xamarinmac) (>= netcoreapp2.2))
      Microsoft.NETCore.DotNetHostResolver (>= 7.0)
    Microsoft.NETCore.DotNetHostResolver (7.0) - restriction: || (== net7.0) (&& (== netcoreapp2.1) (>= netcoreapp2.2)) (== netcoreapp3.1) (&& (== xamarinmac) (>= netcoreapp2.2))
      Microsoft.NETCore.DotNetAppHost (>= 7.0)
    Microsoft.NETCore.Platforms (7.0) - restriction: || (== net7.0) (&& (== netcoreapp2.1) (>= netcoreapp2.2)) (== netcoreapp3.1) (&& (== xamarinmac) (>= netcoreapp2.2))
    Microsoft.NETCore.Targets (5.0) - restriction: || (== net7.0) (&& (== netcoreapp2.1) (>= netcoreapp2.2)) (== netcoreapp3.1) (&& (== xamarinmac) (>= netcoreapp2.2))
    Microsoft.SourceLink.Common (1.1.1)
    Microsoft.SourceLink.GitHub (1.1.1)
      Microsoft.Build.Tasks.Git (>= 1.1.1)
      Microsoft.SourceLink.Common (>= 1.1.1)
    Microsoft.Win32.Registry (5.0) - restriction: || (== net7.0) (&& (== netcoreapp2.1) (>= net7.0)) (&& (== netcoreapp3.1) (>= net7.0)) (&& (== xamarinmac) (>= net7.0))
      System.Security.AccessControl (>= 5.0)
      System.Security.Principal.Windows (>= 5.0)
    Microsoft.Win32.SystemEvents (7.0) - restriction: || (== net7.0) (&& (== netcoreapp2.1) (>= net7.0)) (&& (== netcoreapp3.1) (>= net7.0)) (&& (== xamarinmac) (>= net7.0))
    Mono.Posix.NETStandard (1.0) - restriction: || (== net7.0) (&& (== netcoreapp2.1) (>= net7.0)) (&& (== netcoreapp3.1) (>= net7.0)) (&& (== xamarinmac) (>= net7.0))
    MonoGame.Framework.DesktopGL.Core (3.8.0.13)
    MSBuild.StructuredLogger (2.1.669) - restriction: || (== net7.0) (&& (== netcoreapp2.1) (>= net7.0)) (&& (== netcoreapp3.1) (>= net7.0)) (&& (== xamarinmac) (>= net7.0))
      Microsoft.Build (>= 16.10)
      Microsoft.Build.Framework (>= 16.10)
      Microsoft.Build.Tasks.Core (>= 16.10)
      Microsoft.Build.Utilities.Core (>= 16.10)
    Myra (1.4.5)
      FontStashSharp.MonoGame (>= 1.2.8)
      info.lundin.math.dll (>= 1.2.6)
    NETStandard.Library (2.0.3) - restriction: || (== net7.0) (== netcoreapp2.1) (== netcoreapp3.1) (&& (== xamarinmac) (>= netcoreapp1.0)) (&& (== xamarinmac) (>= netcoreapp2.2))
      Microsoft.NETCore.Platforms (>= 1.1)
    Newtonsoft.Json (13.0.1) - restriction: || (== net7.0) (== netcoreapp2.1) (== netcoreapp3.1) (&& (== xamarinmac) (>= net7.0)) (&& (== xamarinmac) (>= netcoreapp1.0))
    NodaTime (3.1.5) - restriction: || (== net7.0) (&& (== netcoreapp2.1) (>= net7.0)) (&& (== netcoreapp3.1) (>= net7.0)) (&& (== xamarinmac) (>= net7.0))
      System.Runtime.CompilerServices.Unsafe (>= 4.7.1)
    NuGet.Common (6.4) - restriction: || (== net7.0) (== netcoreapp2.1) (== netcoreapp3.1) (&& (== xamarinmac) (>= netcoreapp1.0))
      NuGet.Frameworks (>= 6.4)
    NuGet.Configuration (6.4) - restriction: || (== net7.0) (== netcoreapp2.1) (== netcoreapp3.1) (&& (== xamarinmac) (>= netcoreapp1.0))
      NuGet.Common (>= 6.4)
      System.Security.Cryptography.ProtectedData (>= 4.4)
    NuGet.Frameworks (6.4) - restriction: || (== net7.0) (== netcoreapp2.1) (== netcoreapp3.1) (&& (== xamarinmac) (>= netcoreapp1.0))
    NuGet.Packaging (6.4) - restriction: || (== net7.0) (== netcoreapp2.1) (== netcoreapp3.1) (&& (== xamarinmac) (>= net7.0)) (&& (== xamarinmac) (>= netcoreapp1.0))
      Newtonsoft.Json (>= 13.0.1)
      NuGet.Configuration (>= 6.4)
      NuGet.Versioning (>= 6.4)
      System.Security.Cryptography.Cng (>= 5.0)
      System.Security.Cryptography.Pkcs (>= 5.0)
    NuGet.Protocol (6.4) - restriction: || (== net7.0) (&& (== netcoreapp2.1) (>= net7.0)) (&& (== netcoreapp3.1) (>= net7.0)) (&& (== xamarinmac) (>= net7.0))
      NuGet.Packaging (>= 6.4)
    NuGet.Versioning (6.4) - restriction: || (== net7.0) (== netcoreapp2.1) (== netcoreapp3.1) (&& (== xamarinmac) (>= netcoreapp1.0))
    OpenTK (4.7.5) - restriction: || (== net7.0) (&& (== netcoreapp2.1) (>= netcoreapp3.1)) (== netcoreapp3.1)
      OpenTK.Compute (>= 4.7.5)
      OpenTK.Core (>= 4.7.5)
      OpenTK.Graphics (>= 4.7.5)
      OpenTK.Input (>= 4.7.5)
      OpenTK.Mathematics (>= 4.7.5)
      OpenTK.OpenAL (>= 4.7.5)
      OpenTK.Windowing.Common (>= 4.7.5)
      OpenTK.Windowing.Desktop (>= 4.7.5)
      OpenTK.Windowing.GraphicsLibraryFramework (>= 4.7.5)
    OpenTK.Compute (4.7.5) - restriction: || (== net7.0) (&& (== netcoreapp2.1) (>= netcoreapp3.1)) (== netcoreapp3.1)
    OpenTK.Core (4.7.5) - restriction: || (== net7.0) (&& (== netcoreapp2.1) (>= netcoreapp3.1)) (== netcoreapp3.1)
    OpenTK.GLControl (3.3.3) - restriction: || (== net7.0) (&& (== netcoreapp2.1) (>= netcoreapp3.1)) (== netcoreapp3.1)
      OpenTK (>= 3.3.3)
    OpenTK.Graphics (4.7.5) - restriction: || (== net7.0) (&& (== netcoreapp2.1) (>= netcoreapp3.1)) (== netcoreapp3.1)
      OpenTK.Core (>= 4.7.5 < 4.8) - restriction: || (== net7.0) (&& (== netcoreapp2.1) (>= netstandard2.1)) (== netcoreapp3.1) (== xamarinmac)
      OpenTK.Mathematics (>= 4.7.5 < 4.8) - restriction: || (== net7.0) (&& (== netcoreapp2.1) (>= netstandard2.1)) (== netcoreapp3.1) (== xamarinmac)
    OpenTK.Input (4.7.5) - restriction: || (== net7.0) (&& (== netcoreapp2.1) (>= netcoreapp3.1)) (== netcoreapp3.1)
    OpenTK.Mathematics (4.7.5) - restriction: || (== net7.0) (&& (== netcoreapp2.1) (>= netcoreapp3.1)) (== netcoreapp3.1)
      System.Runtime.CompilerServices.Unsafe (>= 5.0) - restriction: || (== net7.0) (&& (== netcoreapp2.1) (>= netstandard2.1)) (== netcoreapp3.1) (== xamarinmac)
    OpenTK.OpenAL (4.7.5) - restriction: || (== net7.0) (&& (== netcoreapp2.1) (>= netcoreapp3.1)) (== netcoreapp3.1)
      OpenTK.Core (>= 4.7.5 < 4.8) - restriction: || (== net7.0) (&& (== netcoreapp2.1) (>= netcoreapp3.1)) (== netcoreapp3.1) (&& (== xamarinmac) (>= netcoreapp3.1))
      OpenTK.Mathematics (>= 4.7.5 < 4.8) - restriction: || (== net7.0) (&& (== netcoreapp2.1) (>= netcoreapp3.1)) (== netcoreapp3.1) (&& (== xamarinmac) (>= netcoreapp3.1))
    OpenTK.redist.glfw (3.3.8.30) - restriction: || (== net7.0) (&& (== netcoreapp2.1) (>= netcoreapp3.1)) (== netcoreapp3.1)
    OpenTK.Windowing.Common (4.7.5) - restriction: || (== net7.0) (&& (== netcoreapp2.1) (>= netcoreapp3.1)) (== netcoreapp3.1)
      OpenTK.Core (>= 4.7.5 < 4.8) - restriction: || (== net7.0) (&& (== netcoreapp2.1) (>= netstandard2.1)) (== netcoreapp3.1) (== xamarinmac)
      OpenTK.Mathematics (>= 4.7.5 < 4.8) - restriction: || (== net7.0) (&& (== netcoreapp2.1) (>= netstandard2.1)) (== netcoreapp3.1) (== xamarinmac)
    OpenTK.Windowing.Desktop (4.7.5) - restriction: || (== net7.0) (&& (== netcoreapp2.1) (>= netcoreapp3.1)) (== netcoreapp3.1)
      OpenTK.Core (>= 4.7.5 < 4.8) - restriction: || (== net7.0) (&& (== netcoreapp2.1) (>= netcoreapp3.1)) (== netcoreapp3.1) (&& (== xamarinmac) (>= netcoreapp3.1))
      OpenTK.Mathematics (>= 4.7.5 < 4.8) - restriction: || (== net7.0) (&& (== netcoreapp2.1) (>= netcoreapp3.1)) (== netcoreapp3.1) (&& (== xamarinmac) (>= netcoreapp3.1))
      OpenTK.Windowing.Common (>= 4.7.5 < 4.8) - restriction: || (== net7.0) (&& (== netcoreapp2.1) (>= netcoreapp3.1)) (== netcoreapp3.1) (&& (== xamarinmac) (>= netcoreapp3.1))
      OpenTK.Windowing.GraphicsLibraryFramework (>= 4.7.5 < 4.8) - restriction: || (== net7.0) (&& (== netcoreapp2.1) (>= netcoreapp3.1)) (== netcoreapp3.1) (&& (== xamarinmac) (>= netcoreapp3.1))
    OpenTK.Windowing.GraphicsLibraryFramework (4.7.5) - restriction: || (== net7.0) (&& (== netcoreapp2.1) (>= netcoreapp3.1)) (== netcoreapp3.1)
      OpenTK.Core (>= 4.7.5 < 4.8) - restriction: || (== net7.0) (&& (== netcoreapp2.1) (>= netcoreapp3.1)) (== netcoreapp3.1) (&& (== xamarinmac) (>= netcoreapp3.1))
      OpenTK.redist.glfw (>= 3.3.8.30) - restriction: || (== net7.0) (&& (== netcoreapp2.1) (>= netcoreapp3.1)) (== netcoreapp3.1) (&& (== xamarinmac) (>= netcoreapp3.1))
    PangoSharp (3.24.24.38)
      CairoSharp (>= 3.24.24.38)
      GLibSharp (>= 3.24.24.38)
    Serilog (2.12) - restriction: || (== net7.0) (&& (== netcoreapp2.1) (>= net7.0)) (&& (== netcoreapp3.1) (>= net7.0)) (&& (== xamarinmac) (>= net7.0))
    Serilog.Enrichers.Thread (3.1) - restriction: || (== net7.0) (&& (== netcoreapp2.1) (>= net7.0)) (&& (== netcoreapp3.1) (>= net7.0)) (&& (== xamarinmac) (>= net7.0))
      Serilog (>= 2.3)
    Serilog.Formatting.Compact (1.1) - restriction: || (== net7.0) (&& (== netcoreapp2.1) (>= net7.0)) (&& (== netcoreapp3.1) (>= net7.0)) (&& (== xamarinmac) (>= net7.0))
      Serilog (>= 2.8)
    Serilog.Sinks.Console (4.1) - restriction: || (== net7.0) (&& (== netcoreapp2.1) (>= net7.0)) (&& (== netcoreapp3.1) (>= net7.0)) (&& (== xamarinmac) (>= net7.0))
      Serilog (>= 2.10)
    Serilog.Sinks.File (5.0) - restriction: || (== net7.0) (&& (== netcoreapp2.1) (>= net7.0)) (&& (== netcoreapp3.1) (>= net7.0)) (&& (== xamarinmac) (>= net7.0))
      Serilog (>= 2.10)
    Serilog.Sinks.PeriodicBatching (3.1) - restriction: || (== net7.0) (&& (== netcoreapp2.1) (>= net7.0)) (&& (== netcoreapp3.1) (>= net7.0)) (&& (== xamarinmac) (>= net7.0))
      Serilog (>= 2.0)
    Serilog.Sinks.Seq (5.2.2) - restriction: || (== net7.0) (&& (== netcoreapp2.1) (>= net7.0)) (&& (== netcoreapp3.1) (>= net7.0)) (&& (== xamarinmac) (>= net7.0))
      Serilog (>= 2.12)
      Serilog.Formatting.Compact (>= 1.1)
      Serilog.Sinks.File (>= 5.0)
      Serilog.Sinks.PeriodicBatching (>= 3.1)
    SkiaSharp (2.88.3)
      SkiaSharp.NativeAssets.macOS (>= 2.88.3)
      SkiaSharp.NativeAssets.Win32 (>= 2.88.3) - restriction: || (== net7.0) (== netcoreapp2.1) (== netcoreapp3.1) (&& (== xamarinmac) (>= net462)) (&& (== xamarinmac) (< netstandard2.0)) (&& (== xamarinmac) (< netstandard2.1))
      System.Memory (>= 4.5.3) - restriction: || (&& (== net7.0) (>= net462)) (&& (== net7.0) (< netstandard2.0)) (&& (== net7.0) (< netstandard2.1)) (&& (== net7.0) (>= tizen4.0)) (&& (== net7.0) (>= uap10.1)) (== netcoreapp2.1) (&& (== netcoreapp3.1) (>= net462)) (&& (== netcoreapp3.1) (< netstandard2.0)) (&& (== netcoreapp3.1) (< netstandard2.1)) (&& (== netcoreapp3.1) (>= tizen4.0)) (&& (== netcoreapp3.1) (>= uap10.1)) (&& (== xamarinmac) (>= net462)) (&& (== xamarinmac) (< netstandard2.0)) (&& (== xamarinmac) (< netstandard2.1)) (&& (== xamarinmac) (>= tizen4.0)) (&& (== xamarinmac) (>= uap10.1))
    SkiaSharp.NativeAssets.macOS (2.88.3)
    SkiaSharp.NativeAssets.Win32 (2.88.3) - restriction: || (== net7.0) (== netcoreapp2.1) (== netcoreapp3.1) (&& (== xamarinmac) (>= net462)) (&& (== xamarinmac) (< netstandard2.0)) (&& (== xamarinmac) (< netstandard2.1))
    SkiaSharp.Views (2.88.3)
      SkiaSharp (>= 2.88.3) - restriction: || (&& (== net7.0) (>= monoandroid)) (&& (== net7.0) (>= net462)) (&& (== net7.0) (>= tizen4.0)) (&& (== net7.0) (>= uap10.0)) (&& (== net7.0) (>= xamarinios)) (&& (== net7.0) (>= xamarinmac)) (&& (== net7.0) (>= xamarintvos)) (&& (== net7.0) (>= xamarinwatchos)) (&& (== netcoreapp2.1) (>= monoandroid)) (&& (== netcoreapp2.1) (>= net462)) (&& (== netcoreapp2.1) (>= tizen4.0)) (&& (== netcoreapp2.1) (>= uap10.0)) (&& (== netcoreapp2.1) (>= xamarinios)) (&& (== netcoreapp2.1) (>= xamarinmac)) (&& (== netcoreapp2.1) (>= xamarintvos)) (&& (== netcoreapp2.1) (>= xamarinwatchos)) (&& (== netcoreapp3.1) (>= monoandroid)) (&& (== netcoreapp3.1) (>= net462)) (&& (== netcoreapp3.1) (>= tizen4.0)) (&& (== netcoreapp3.1) (>= uap10.0)) (&& (== netcoreapp3.1) (>= xamarinios)) (&& (== netcoreapp3.1) (>= xamarinmac)) (&& (== netcoreapp3.1) (>= xamarintvos)) (&& (== netcoreapp3.1) (>= xamarinwatchos)) (== xamarinmac)
    SkiaSharp.Views.Forms (2.88.3)
      SkiaSharp (>= 2.88.3)
      SkiaSharp.Views (>= 2.88.3) - restriction: || (&& (== net7.0) (>= monoandroid) (< netstandard1.3)) (&& (== net7.0) (< netstandard2.0) (>= uap10.0)) (&& (== net7.0) (>= tizen4.0)) (&& (== net7.0) (>= xamarinios)) (&& (== net7.0) (>= xamarinmac)) (&& (== netcoreapp2.1) (>= monoandroid) (< netstandard1.3)) (&& (== netcoreapp2.1) (< netstandard2.0) (>= uap10.0)) (&& (== netcoreapp2.1) (>= tizen4.0)) (&& (== netcoreapp2.1) (>= xamarinios)) (&& (== netcoreapp2.1) (>= xamarinmac)) (&& (== netcoreapp3.1) (>= monoandroid) (< netstandard1.3)) (&& (== netcoreapp3.1) (< netstandard2.0) (>= uap10.0)) (&& (== netcoreapp3.1) (>= tizen4.0)) (&& (== netcoreapp3.1) (>= xamarinios)) (&& (== netcoreapp3.1) (>= xamarinmac)) (== xamarinmac)
      Xamarin.Forms (>= 4.8.0.1821)
      Xamarin.Forms.Platform.WPF (>= 4.8.0.1821) - restriction: || (== net7.0) (&& (== netcoreapp2.1) (>= netcoreapp3.1)) (== netcoreapp3.1)
    StbImageSharp (2.27.13)
    StbTrueTypeSharp (1.26.11)
    System.Buffers (4.5.1) - restriction: || (&& (== net7.0) (== xamarinmac)) (&& (== net7.0) (>= net462)) (&& (== net7.0) (< net6.0)) (&& (== net7.0) (< netstandard2.1)) (== netcoreapp2.1) (== netcoreapp3.1) (&& (== xamarinmac) (>= net5.0)) (&& (== xamarinmac) (>= netcoreapp1.0))
    System.CodeDom (7.0) - restriction: || (== net7.0) (&& (== netcoreapp2.1) (>= net7.0)) (&& (== netcoreapp3.1) (>= net7.0)) (&& (== xamarinmac) (>= net7.0))
    System.Collections.Immutable (7.0) - restriction: || (== net7.0) (== netcoreapp2.1) (== netcoreapp3.1) (&& (== xamarinmac) (>= net7.0)) (&& (== xamarinmac) (>= netcoreapp1.0))
      System.Memory (>= 4.5.5) - restriction: || (&& (== net7.0) (>= net462)) (&& (== net7.0) (< net6.0)) (== netcoreapp2.1) (== netcoreapp3.1) (== xamarinmac)
      System.Runtime.CompilerServices.Unsafe (>= 6.0) - restriction: || (&& (== net7.0) (>= net462)) (&& (== net7.0) (< net6.0)) (== netcoreapp2.1) (== netcoreapp3.1) (== xamarinmac)
    System.Configuration.ConfigurationManager (7.0) - restriction: || (== net7.0) (&& (== netcoreapp2.1) (>= net7.0)) (&& (== netcoreapp3.1) (>= net7.0)) (&& (== xamarinmac) (>= net7.0))
      System.Diagnostics.EventLog (>= 7.0) - restriction: || (== net7.0) (&& (== netcoreapp2.1) (>= net7.0)) (&& (== netcoreapp3.1) (>= net7.0)) (&& (== xamarinmac) (>= net7.0))
      System.Security.Cryptography.ProtectedData (>= 7.0)
      System.Security.Permissions (>= 7.0)
    System.Diagnostics.EventLog (7.0) - restriction: || (== net7.0) (&& (== netcoreapp2.1) (>= net7.0)) (&& (== netcoreapp3.1) (>= net7.0)) (&& (== xamarinmac) (>= net7.0))
    System.Drawing.Common (7.0) - restriction: || (== net7.0) (&& (== netcoreapp2.1) (>= net7.0)) (&& (== netcoreapp3.1) (>= net7.0)) (&& (== xamarinmac) (>= net7.0))
      Microsoft.Win32.SystemEvents (>= 7.0) - restriction: || (== net7.0) (&& (== netcoreapp2.1) (>= net6.0)) (&& (== netcoreapp3.1) (>= net6.0)) (&& (== xamarinmac) (>= net6.0))
    System.Formats.Asn1 (7.0) - restriction: || (== net7.0) (== netcoreapp2.1) (== netcoreapp3.1) (&& (== xamarinmac) (>= net5.0)) (&& (== xamarinmac) (>= netcoreapp1.0))
      System.Buffers (>= 4.5.1) - restriction: || (&& (== net7.0) (>= net462)) (&& (== net7.0) (< net6.0)) (== netcoreapp2.1) (== netcoreapp3.1) (== xamarinmac)
      System.Memory (>= 4.5.5) - restriction: || (&& (== net7.0) (>= net462)) (&& (== net7.0) (< net6.0)) (== netcoreapp2.1) (== netcoreapp3.1) (== xamarinmac)
    System.Memory (4.5.5) - restriction: || (== net7.0) (== netcoreapp2.1) (== netcoreapp3.1) (&& (== xamarinmac) (>= net462)) (&& (== xamarinmac) (>= net7.0)) (&& (== xamarinmac) (>= netcoreapp1.0)) (&& (== xamarinmac) (< netstandard2.0)) (&& (== xamarinmac) (< netstandard2.1)) (&& (== xamarinmac) (>= tizen4.0)) (&& (== xamarinmac) (>= uap10.1))
    System.Numerics.Vectors (4.5) - restriction: || (== net7.0) (== netcoreapp2.1) (== netcoreapp3.1) (&& (== xamarinmac) (>= monoandroid10.0)) (&& (== xamarinmac) (< netstandard2.0)) (&& (== xamarinmac) (>= xamarinios)) (&& (== xamarinmac) (>= xamarintvos)) (&& (== xamarinmac) (>= xamarinwatchos))
    System.Reactive (5.0) - restriction: || (== net7.0) (&& (== netcoreapp2.1) (>= net7.0)) (&& (== netcoreapp3.1) (>= net7.0)) (&& (== xamarinmac) (>= net7.0))
    System.Reflection.Metadata (7.0) - restriction: || (== net7.0) (== netcoreapp2.1) (== netcoreapp3.1) (&& (== xamarinmac) (>= net7.0)) (&& (== xamarinmac) (>= netcoreapp1.0))
      System.Collections.Immutable (>= 7.0)
      System.Memory (>= 4.5.5) - restriction: || (&& (== net7.0) (>= net462)) (&& (== net7.0) (< net6.0)) (== netcoreapp2.1) (== netcoreapp3.1) (== xamarinmac)
    System.Reflection.MetadataLoadContext (7.0) - restriction: || (== net7.0) (&& (== netcoreapp2.1) (>= net7.0)) (&& (== netcoreapp3.1) (>= net7.0)) (&& (== xamarinmac) (>= net7.0))
      System.Collections.Immutable (>= 7.0)
      System.Reflection.Metadata (>= 7.0)
    System.Resources.Extensions (7.0) - restriction: || (== net7.0) (&& (== netcoreapp2.1) (>= net7.0)) (&& (== netcoreapp3.1) (>= net7.0)) (&& (== xamarinmac) (>= net7.0))
    System.Runtime.CompilerServices.Unsafe (6.0) - restriction: || (== net7.0) (== netcoreapp2.1) (== netcoreapp3.1) (&& (== xamarinmac) (>= net6.0)) (&& (== xamarinmac) (>= net7.0)) (&& (== xamarinmac) (>= netcoreapp1.0))
    System.Security.AccessControl (6.0) - restriction: || (== net7.0) (&& (== netcoreapp2.1) (>= net7.0)) (&& (== netcoreapp3.1) (>= net7.0)) (&& (== xamarinmac) (>= net7.0))
    System.Security.Cryptography.Cng (5.0) - restriction: || (== net7.0) (== netcoreapp2.1) (== netcoreapp3.1) (&& (== xamarinmac) (>= net5.0)) (&& (== xamarinmac) (>= netcoreapp1.0))
      System.Formats.Asn1 (>= 5.0) - restriction: || (== net7.0) (&& (== netcoreapp2.1) (>= netcoreapp3.0)) (== netcoreapp3.1)
    System.Security.Cryptography.Pkcs (7.0) - restriction: || (== net7.0) (== netcoreapp2.1) (== netcoreapp3.1) (&& (== xamarinmac) (>= net5.0)) (&& (== xamarinmac) (>= net7.0)) (&& (== xamarinmac) (>= netcoreapp1.0))
      System.Buffers (>= 4.5.1) - restriction: || (&& (== net7.0) (< netstandard2.1)) (== netcoreapp2.1) (&& (== netcoreapp3.1) (< netstandard2.1)) (&& (== xamarinmac) (< netstandard2.1))
      System.Formats.Asn1 (>= 7.0)
      System.Memory (>= 4.5.5) - restriction: || (&& (== net7.0) (< netstandard2.1)) (== netcoreapp2.1) (&& (== netcoreapp3.1) (< netstandard2.1)) (&& (== xamarinmac) (< netstandard2.1))
      System.Security.Cryptography.Cng (>= 5.0) - restriction: || (&& (== net7.0) (< net6.0)) (&& (== net7.0) (< netstandard2.1)) (== netcoreapp2.1) (== netcoreapp3.1) (== xamarinmac)
    System.Security.Cryptography.ProtectedData (7.0) - restriction: || (== net7.0) (== netcoreapp2.1) (== netcoreapp3.1) (&& (== xamarinmac) (>= net7.0)) (&& (== xamarinmac) (>= netcoreapp1.0))
    System.Security.Cryptography.Xml (7.0) - restriction: || (== net7.0) (&& (== netcoreapp2.1) (>= net7.0)) (&& (== netcoreapp3.1) (>= net7.0)) (&& (== xamarinmac) (>= net7.0))
      System.Security.Cryptography.Pkcs (>= 7.0)
    System.Security.Permissions (7.0) - restriction: || (== net7.0) (&& (== netcoreapp2.1) (>= net7.0)) (&& (== netcoreapp3.1) (>= net7.0)) (&& (== xamarinmac) (>= net7.0))
      System.Windows.Extensions (>= 7.0) - restriction: || (== net7.0) (&& (== netcoreapp2.1) (>= net6.0)) (&& (== netcoreapp3.1) (>= net6.0)) (&& (== xamarinmac) (>= net6.0))
    System.Security.Principal.Windows (5.0) - restriction: || (== net7.0) (&& (== netcoreapp2.1) (>= net7.0)) (&& (== netcoreapp3.1) (>= net7.0)) (&& (== xamarinmac) (>= net7.0))
    System.Text.Encoding.CodePages (7.0) - restriction: || (== net7.0) (&& (== netcoreapp2.1) (>= net7.0)) (&& (== netcoreapp3.1) (>= net7.0)) (&& (== xamarinmac) (>= net7.0))
    System.Text.Encodings.Web (7.0) - restriction: || (== net7.0) (&& (== netcoreapp2.1) (>= net7.0)) (&& (== netcoreapp3.1) (>= net7.0)) (&& (== xamarinmac) (>= net7.0))
    System.Text.Json (7.0) - restriction: || (== net7.0) (&& (== netcoreapp2.1) (>= net7.0)) (&& (== netcoreapp3.1) (>= net7.0)) (&& (== xamarinmac) (>= net7.0))
      System.Text.Encodings.Web (>= 7.0)
    System.Threading.Tasks.Dataflow (7.0) - restriction: || (== net7.0) (&& (== netcoreapp2.1) (>= net7.0)) (&& (== netcoreapp3.1) (>= net7.0)) (&& (== xamarinmac) (>= net7.0))
    System.ValueTuple (4.5) - restriction: || (== net7.0) (== netcoreapp2.1) (== netcoreapp3.1) (&& (== xamarinmac) (>= netcoreapp1.0))
    System.Windows.Extensions (7.0) - restriction: || (== net7.0) (&& (== netcoreapp2.1) (>= net7.0)) (&& (== netcoreapp3.1) (>= net7.0)) (&& (== xamarinmac) (>= net7.0))
      System.Drawing.Common (>= 7.0) - restriction: || (== net7.0) (&& (== netcoreapp2.1) (>= net6.0)) (&& (== netcoreapp3.1) (>= net6.0)) (&& (== xamarinmac) (>= net6.0))
    Thoth.Json.Net (9.0) - restriction: || (== net7.0) (&& (== netcoreapp2.1) (>= net7.0)) (&& (== netcoreapp3.1) (>= net7.0)) (&& (== xamarinmac) (>= net7.0))
      Fable.Core (>= 3.1.6 < 4.0)
      FSharp.Core (>= 4.7.2)
      Newtonsoft.Json (>= 11.0.2)
    Xamarin.Essentials (1.7.3)
      System.Numerics.Vectors (>= 4.5) - restriction: || (== net7.0) (== netcoreapp2.1) (== netcoreapp3.1) (&& (== xamarinmac) (>= monoandroid10.0)) (&& (== xamarinmac) (< netstandard2.0)) (&& (== xamarinmac) (>= xamarinios)) (&& (== xamarinmac) (>= xamarintvos)) (&& (== xamarinmac) (>= xamarinwatchos))
    Xamarin.Forms (5.0.0.2515)
    Xamarin.Forms.Platform.WPF (5.0.0.2515) - restriction: || (== net7.0) (&& (== netcoreapp2.1) (>= netcoreapp3.1)) (== netcoreapp3.1)
      OpenTK (>= 3.0.1)
      OpenTK.GLControl (>= 3.0.1)
      Xamarin.Forms (>= 5.0.0.2515)
